GIT
  remote: https://github.com/guard/guard-shell.git
  revision: f8340e45fbe6f4a09623f4c84149dde8279b4d31
  specs:
    guard-shell (0.4.0)
      guard (>= 0.2.0)

GIT
  remote: https://github.com/netzpirat/guard-coffeescript.git
  revision: 168a1c6523fa9d69a5dc3f6c088e117a37779e50
  specs:
    guard-coffeescript (0.6.0)
      coffee-script (>= 2.2.0)
      guard (>= 0.8.3)

GEM
  remote: http://rubygems.org/
  remote: http://gems.github.com/
  specs:
    coffee-script (2.2.0)
      coffee-script-source
      execjs
    coffee-script-source (1.3.3)
    execjs (1.3.2)
      multi_json (~> 1.0)
    ffi (1.0.11)
    growl (1.0.3)
    guard (1.0.3)
      ffi (>= 0.5.0)
      thor (>= 0.14.6)
    multi_json (1.3.5)
    thor (0.15.2)

PLATFORMS
  ruby

DEPENDENCIES
  growl
  guard
  guard-coffeescript!
  guard-shell!
